PATH
  remote: .
  specs:
    thredded (0.2.2)
      active_record_union (>= 1.1.1)
      autoprefixer-rails
      autosize-rails
      bbcoder (~> 1.0)
      db_text_search (~> 0.2.0)
      friendly_id
      gemoji
      github-markdown
      html-pipeline
      html-pipeline-vimeo
      html-pipeline-youtube
      htmlentities
      jquery-rails
      kaminari
      nokogiri
      pundit (>= 1.1.0)
      rails (>= 4.2.0)
      rails-timeago
      rb-gravatar
      rinku
      sanitize
      sass (>= 3.4.21)
      select2-rails (~> 3.5)
      sprockets-es6

GEM
  remote: https://rubygems.org/
  specs:
    actionmailer (4.2.3)
      actionpack (= 4.2.3)
      actionview (= 4.2.3)
      activejob (= 4.2.3)
      mail (~> 2.5, >= 2.5.4)
      rails-dom-testing (~> 1.0, >= 1.0.5)
    actionpack (4.2.3)
      actionview (= 4.2.3)
      activesupport (= 4.2.3)
      rack (~> 1.6)
      rack-test (~> 0.6.2)
      rails-dom-testing (~> 1.0, >= 1.0.5)
      rails-html-sanitizer (~> 1.0, >= 1.0.2)
    actionview (4.2.3)
      activesupport (= 4.2.3)
      builder (~> 3.1)
      erubis (~> 2.7.0)
      rails-dom-testing (~> 1.0, >= 1.0.5)
      rails-html-sanitizer (~> 1.0, >= 1.0.2)
    active_record_union (1.1.1)
      activerecord (>= 4.0)
    activejob (4.2.3)
      activesupport (= 4.2.3)
      globalid (>= 0.3.0)
    activemodel (4.2.3)
      activesupport (= 4.2.3)
      builder (~> 3.1)
    activerecord (4.2.3)
      activemodel (= 4.2.3)
      activesupport (= 4.2.3)
      arel (~> 6.0)
    activesupport (4.2.3)
      i18n (~> 0.7)
      json (~> 1.7, >= 1.7.7)
      minitest (~> 5.1)
      thread_safe (~> 0.3, >= 0.3.4)
      tzinfo (~> 1.1)
    addressable (2.3.8)
    arel (6.0.3)
    ast (2.2.0)
    autoprefixer-rails (6.3.6)
      execjs
    autosize-rails (1.18.17)
      rails (>= 3.1)
    babel-source (5.8.35)
    babel-transpiler (0.7.0)
      babel-source (>= 4.0, < 6)
      execjs (~> 2.0)
    bbcoder (1.1.1)
    benchmark-ips (2.3.0)
    builder (3.2.2)
    byebug (5.0.0)
      columnize (= 0.9.0)
    capybara (2.4.4)
      mime-types (>= 1.16)
      nokogiri (>= 1.3.3)
      rack (>= 1.0.0)
      rack-test (>= 0.5.4)
      xpath (~> 2.0)
    coderay (1.1.0)
    coffee-rails (4.1.1)
      coffee-script (>= 2.2.0)
      railties (>= 4.0.0, < 5.1.x)
    coffee-script (2.4.1)
      coffee-script-source
      execjs
    coffee-script-source (1.10.0)
    columnize (0.9.0)
    concurrent-ruby (1.0.1)
    crass (1.0.2)
    database_cleaner (1.4.1)
    db_text_search (0.2.0)
      activerecord (>= 4.1.15, < 6.0)
    derailed (0.1.0)
      derailed_benchmarks
    derailed_benchmarks (1.0.1)
      benchmark-ips (~> 2)
      get_process_mem (~> 0)
      memory_profiler (~> 0)
      rack (~> 1)
      rake (~> 10)
    diff-lcs (1.2.5)
    easy_translate (0.5.0)
      json
      thread
      thread_safe
    erubis (2.7.0)
    execjs (2.6.0)
    factory_girl (4.5.0)
      activesupport (>= 3.0.0)
    factory_girl_rails (4.5.0)
      factory_girl (~> 4.5.0)
      railties (>= 3.0.0)
    faker (1.6.3)
      i18n (~> 0.5)
    fast_stack (0.1.0)
      rake
      rake-compiler
    flamegraph (0.1.0)
      fast_stack
    friendly_id (5.1.0)
      activerecord (>= 4.0.0)
    gemoji (2.1.0)
    get_process_mem (0.2.0)
    github-markdown (0.6.9)
    globalid (0.3.6)
      activesupport (>= 4.1.0)
    highline (1.7.8)
    html-pipeline (2.4.0)
      activesupport (>= 2, < 5)
      nokogiri (>= 1.4)
    html-pipeline-vimeo (0.1.1)
      html-pipeline (~> 2.0)
    html-pipeline-youtube (0.1.2)
      html-pipeline (~> 2.0)
    htmlentities (4.3.4)
    i18n (0.7.0)
    i18n-tasks (0.8.7)
      activesupport (>= 2.3.18)
      easy_translate (>= 0.5.0)
      erubis
      highline (>= 1.7.3)
      i18n
      term-ansicolor (>= 1.3.2)
      terminal-table (>= 1.5.1)
    jquery-rails (4.1.1)
      rails-dom-testing (>= 1, < 3)
      railties (>= 4.2.0)
      thor (>= 0.14, < 2.0)
    jquery-turbolinks (2.1.0)
      railties (>= 3.1.0)
      turbolinks
    json (1.8.3)
    kaminari (0.16.3)
      actionpack (>= 3.0.0)
      activesupport (>= 3.0.0)
    launchy (2.4.3)
      addressable (~> 2.3)
    loofah (2.0.3)
      nokogiri (>= 1.5.9)
    mail (2.6.4)
      mime-types (>= 1.16, < 4)
    memory_profiler (0.9.4)
    method_source (0.8.2)
    mime-types (2.6.1)
    mini_portile2 (2.0.0)
    minitest (5.8.4)
    mysql2 (0.3.18)
    nokogiri (1.6.7.2)
      mini_portile2 (~> 2.0.0.rc2)
    nokogumbo (1.4.7)
      nokogiri
    parser (2.3.0.7)
      ast (~> 2.2)
    pg (0.18.2)
    power_assert (0.2.3)
    powerpack (0.1.1)
    pry (0.10.1)
      coderay (~> 1.1.0)
      method_source (~> 0.8.1)
      slop (~> 3.4)
    pry-rails (0.3.4)
      pry (>= 0.9.10)
    puma (2.11.3)
      rack (>= 1.1, < 2.0)
    pundit (1.1.0)
      activesupport (>= 3.0.0)
    rack (1.6.4)
    rack-mini-profiler (0.9.6)
      rack (>= 1.1.3)
    rack-test (0.6.3)
      rack (>= 1.0)
    rails (4.2.3)
      actionmailer (= 4.2.3)
      actionpack (= 4.2.3)
      actionview (= 4.2.3)
      activejob (= 4.2.3)
      activemodel (= 4.2.3)
      activerecord (= 4.2.3)
      activesupport (= 4.2.3)
      bundler (>= 1.3.0, < 2.0)
      railties (= 4.2.3)
      sprockets-rails
    rails-deprecated_sanitizer (1.0.3)
      activesupport (>= 4.2.0.alpha)
    rails-dom-testing (1.0.7)
      activesupport (>= 4.2.0.beta, < 5.0)
      nokogiri (~> 1.6.0)
      rails-deprecated_sanitizer (>= 1.0.1)
    rails-html-sanitizer (1.0.3)
      loofah (~> 2.0)
    rails-timeago (2.13.0)
      actionpack (>= 3.1)
      activesupport (>= 3.1)
    rails_12factor (0.0.3)
      rails_serve_static_assets
      rails_stdout_logging
    rails_email_preview (1.0.2)
      rails (>= 3.2)
      request_store
      sass-rails
      turbolinks
    rails_serve_static_assets (0.0.5)
    rails_stdout_logging (0.0.5)
    railties (4.2.3)
      actionpack (= 4.2.3)
      activesupport (= 4.2.3)
      rake (>= 0.8.7)
      thor (>= 0.18.1, < 2.0)
    rainbow (2.1.0)
    rake (10.5.0)
    rake-compiler (0.9.5)
      rake
    rb-gravatar (1.0.5)
    request_store (1.3.1)
    rinku (1.7.3)
    rspec-core (3.3.1)
      rspec-support (~> 3.3.0)
    rspec-expectations (3.3.0)
      diff-lcs (>= 1.2.0, < 2.0)
      rspec-support (~> 3.3.0)
    rspec-mocks (3.3.1)
      diff-lcs (>= 1.2.0, < 2.0)
      rspec-support (~> 3.3.0)
    rspec-rails (3.3.2)
      actionpack (>= 3.0, < 4.3)
      activesupport (>= 3.0, < 4.3)
      railties (>= 3.0, < 4.3)
      rspec-core (~> 3.3.0)
      rspec-expectations (~> 3.3.0)
      rspec-mocks (~> 3.3.0)
      rspec-support (~> 3.3.0)
    rspec-support (3.3.0)
    rubocop (0.39.0)
      parser (>= 2.3.0.7, < 3.0)
      powerpack (~> 0.1)
      rainbow (>= 1.99.1, < 3.0)
      ruby-progressbar (~> 1.7)
      unicode-display_width (~> 1.0, >= 1.0.1)
    ruby-progressbar (1.7.5)
    sanitize (4.0.1)
      crass (~> 1.0.2)
      nokogiri (>= 1.4.4)
      nokogumbo (~> 1.4.1)
    sass (3.4.22)
    sass-rails (5.0.4)
      railties (>= 4.0.0, < 5.0)
      sass (~> 3.1)
      sprockets (>= 2.8, < 4.0)
      sprockets-rails (>= 2.0, < 4.0)
      tilt (>= 1.1, < 3)
    select2-rails (3.5.10)
      thor (~> 0.14)
    slop (3.6.0)
    sprockets (3.6.0)
      concurrent-ruby (~> 1.0)
      rack (> 1, < 3)
    sprockets-es6 (0.9.0)
      babel-source (>= 5.8.11)
      babel-transpiler
      sprockets (>= 3.0.0)
    sprockets-rails (3.0.4)
      actionpack (>= 4.0)
      activesupport (>= 4.0)
      sprockets (>= 3.0.0)
    sqlite3 (1.3.10)
    stackprof (0.2.7)
    term-ansicolor (1.3.2)
      tins (~> 1.0)
    terminal-table (1.5.2)
    test-unit (3.1.2)
      power_assert
    test_after_commit (1.0.0)
      activerecord (>= 3.2)
    thor (0.19.1)
    thread (0.2.2)
    thread_safe (0.3.5)
    tilt (2.0.2)
    tins (1.9.0)
    turbolinks (2.5.3)
      coffee-rails
    tzinfo (1.2.2)
      thread_safe (~> 0.1)
    unicode-display_width (1.0.3)
    xpath (2.0.0)
      nokogiri (~> 1.3)

PLATFORMS
  ruby

DEPENDENCIES
  byebug
  capybara (~> 2.4)
  database_cleaner
  derailed
  factory_girl_rails
  faker (>= 1.6.2)
  flamegraph
  i18n-tasks
  jquery-turbolinks
  launchy
  mysql2
  pg
  pry-rails
  puma
  rack-mini-profiler
  rails_12factor
  rails_email_preview (>= 1.0.2)
  rspec-rails
  rubocop (~> 0.39)
  sqlite3
  stackprof
  test-unit
  test_after_commit
  thredded!
  turbolinks

BUNDLED WITH
   1.11.2
